GEM
  remote: https://rubygems.org/
  specs:
    ZenTest (4.8.3)
    actionmailer (3.2.18)
      actionpack (= 3.2.18)
      mail (~> 2.5.4)
    actionpack (3.2.18)
      activemodel (= 3.2.18)
      activesupport (= 3.2.18)
      builder (~> 3.0.0)
      erubis (~> 2.7.0)
      journey (~> 1.0.4)
      rack (~> 1.4.5)
      rack-cache (~> 1.2)
      rack-test (~> 0.6.1)
      sprockets (~> 2.2.1)
    activemodel (3.2.18)
      activesupport (= 3.2.18)
      builder (~> 3.0.0)
    activerecord (3.2.18)
      activemodel (= 3.2.18)
      activesupport (= 3.2.18)
      arel (~> 3.0.2)
      tzinfo (~> 0.3.29)
    activeresource (3.2.18)
      activemodel (= 3.2.18)
      activesupport (= 3.2.18)
    activesupport (3.2.18)
      i18n (~> 0.6, >= 0.6.4)
      multi_json (~> 1.0)
    addressable (2.3.8)
    arel (3.0.3)
    autotest-rails (4.2.1)
      ZenTest (~> 4.5)
    builder (3.0.4)
    capybara (2.6.0)
      addressable
      mime-types (>= 1.16)
      nokogiri (>= 1.3.3)
      rack (>= 1.0.0)
      rack-test (>= 0.5.4)
      xpath (~> 2.0)
    childprocess (0.5.9)
      ffi (~> 1.0, >= 1.0.11)
    coffee-rails (3.2.2)
      coffee-script (>= 2.2.0)
      railties (~> 3.2.0)
    coffee-script (2.4.1)
      coffee-script-source
      execjs
    coffee-script-source (1.10.0)
    columnize (0.9.0)
    cucumber (1.3.20)
      builder (>= 2.1.2)
      diff-lcs (>= 1.1.3)
      gherkin (~> 2.12)
      multi_json (>= 1.7.5, < 2.0)
      multi_test (>= 0.1.2)
    cucumber-rails (1.4.2)
      capybara (>= 1.1.2, < 3)
      cucumber (>= 1.3.8, < 2)
      mime-types (>= 1.16, < 3)
      nokogiri (~> 1.5)
      rails (>= 3, < 5)
    cucumber-rails-training-wheels (1.0.0)
      cucumber-rails (>= 1.1.1)
    database_cleaner (1.5.1)
    debugger (1.6.8)
      columnize (>= 0.3.1)
      debugger-linecache (~> 1.2.0)
      debugger-ruby_core_source (~> 1.3.5)
    debugger-linecache (1.2.0)
    debugger-ruby_core_source (1.3.8)
    diff-lcs (1.2.5)
    docile (1.1.5)
    erubis (2.7.0)
    execjs (2.6.0)
    faraday (0.9.2)
      multipart-post (>= 1.2, < 3)
    ffi (1.9.10)
    gherkin (2.12.2)
      multi_json (~> 1.3)
    haml (4.0.7)
      tilt
    hashie (3.4.3)
    hike (1.2.3)
    httparty (0.13.7)
      json (~> 1.8)
      multi_xml (>= 0.5.2)
    i18n (0.7.0)
    jasmine (1.3.2)
      jasmine-core (~> 1.3.1)
      rack (~> 1.0)
      rspec (>= 1.3.1)
      selenium-webdriver (>= 0.1.3)
    jasmine-core (1.3.1)
    jasmine-jquery-rails (2.0.3)
    journey (1.0.4)
    jquery-rails (3.1.4)
      railties (>= 3.0, < 5.0)
      thor (>= 0.14, < 2.0)
    json (1.8.3)
    jwt (1.5.2)
    launchy (2.4.3)
      addressable (~> 2.3)
    mail (2.5.4)
      mime-types (~> 1.16)
      treetop (~> 1.4.8)
    mime-types (1.25.1)
    mini_portile2 (2.0.0)
    minitest (4.7.5)
    multi_json (1.11.2)
    multi_test (0.1.2)
    multi_xml (0.5.5)
    multipart-post (2.0.0)
    nokogiri (1.6.7.1)
      mini_portile2 (~> 2.0.0.rc2)
    oauth2 (1.0.0)
      faraday (>= 0.8, < 0.10)
      jwt (~> 1.0)
      multi_json (~> 1.3)
      multi_xml (~> 0.5)
      rack (~> 1.2)
    omniauth (1.2.2)
      hashie (>= 1.2, < 4)
      rack (~> 1.0)
    omniauth-facebook (3.0.0)
      omniauth-oauth2 (~> 1.2)
    omniauth-oauth2 (1.4.0)
      oauth2 (~> 1.0)
      omniauth (~> 1.2)
    polyglot (0.3.5)
    rack (1.4.7)
    rack-cache (1.6.1)
      rack (>= 0.4)
    rack-ssl (1.3.4)
      rack
    rack-test (0.6.3)
      rack (>= 1.0)
    railroady (1.4.2)
    rails (3.2.18)
      actionmailer (= 3.2.18)
      actionpack (= 3.2.18)
      activerecord (= 3.2.18)
      activeresource (= 3.2.18)
      activesupport (= 3.2.18)
      bundler (~> 1.0)
      railties (= 3.2.18)
    railties (3.2.18)
      actionpack (= 3.2.18)
      activesupport (= 3.2.18)
      rack-ssl (~> 1.3.2)
      rake (>= 0.8.7)
      rdoc (~> 3.4)
      thor (>= 0.14.6, < 2.0)
    rake (11.1.2)
    rdoc (3.12.2)
      json (~> 1.4)
    rspec (3.4.0)
      rspec-core (~> 3.4.0)
      rspec-expectations (~> 3.4.0)
      rspec-mocks (~> 3.4.0)
    rspec-core (3.4.4)
      rspec-support (~> 3.4.0)
    rspec-expectations (3.4.0)
      diff-lcs (>= 1.2.0, < 2.0)
      rspec-support (~> 3.4.0)
    rspec-mocks (3.4.1)
      diff-lcs (>= 1.2.0, < 2.0)
      rspec-support (~> 3.4.0)
    rspec-rails (3.4.0)
      actionpack (>= 3.0, < 4.3)
      activesupport (>= 3.0, < 4.3)
      railties (>= 3.0, < 4.3)
      rspec-core (~> 3.4.0)
      rspec-expectations (~> 3.4.0)
      rspec-mocks (~> 3.4.0)
      rspec-support (~> 3.4.0)
    rspec-support (3.4.1)
    rubyzip (1.2.0)
    sass (3.4.22)
    sass-rails (3.2.6)
      railties (~> 3.2.0)
      sass (>= 3.1.10)
      tilt (~> 1.3)
    selenium-webdriver (2.53.0)
      childprocess (~> 0.5)
      rubyzip (~> 1.0)
      websocket (~> 1.0)
    simplecov (0.11.2)
      docile (~> 1.1.0)
      json (~> 1.8)
      simplecov-html (~> 0.10.0)
    simplecov-html (0.10.0)
    sprockets (2.2.3)
      hike (~> 1.2)
      multi_json (~> 1.0)
      rack (~> 1.0)
      tilt (~> 1.1, != 1.3.0)
    sqlite3 (1.3.11)
    themoviedb (1.0.1)
      httparty
    thor (0.19.1)
    tilt (1.4.1)
    treetop (1.4.15)
      polyglot
      polyglot (>= 0.3.1)
    tzinfo (0.3.48)
    uglifier (3.0.0)
      execjs (>= 0.3.0, < 3)
    websocket (1.2.3)
    xpath (2.0.0)
      nokogiri (~> 1.3)

PLATFORMS
  ruby

DEPENDENCIES
  ZenTest (= 4.8.3)
  autotest-rails
  capybara
  coffee-rails (~> 3.2.1)
  cucumber-rails
  cucumber-rails-training-wheels
  database_cleaner
  debugger
  haml
  jasmine (~> 1.3, >= 1.3.2)
  jasmine-jquery-rails
  jquery-rails
  launchy
  minitest (~> 4.7.5)
  omniauth-facebook
  railroady
  rails (= 3.2.18)
  rspec-rails
  sass-rails (~> 3.2.3)
  simplecov
  sqlite3
  themoviedb
  uglifier (>= 1.0.3)
